PATH
  remote: .
  specs:
    httplog (0.2.10)

GEM
  remote: https://rubygems.org/
  specs:
    addressable (2.3.8)
    celluloid (0.15.2)
      timers (~> 1.1.0)
    coderay (1.1.0)
    daemons (1.1.8)
    diff-lcs (1.2.5)
    ethon (0.5.7)
      ffi (~> 1.2.0)
      mime-types (~> 1.18)
    eventmachine (0.12.10)
    excon (0.45.4)
    faraday (0.8.4)
      multipart-post (~> 1.1)
    ffi (1.2.0)
    formatador (0.2.5)
    guard (2.6.1)
      formatador (>= 0.2.4)
      listen (~> 2.7)
      lumberjack (~> 1.0)
      pry (>= 0.9.12)
      thor (>= 0.18.1)
    guard-rspec (1.2.1)
      guard (>= 1.1)
    http (0.8.3)
      addressable (~> 2.3)
      http-form_data (~> 1.0.1)
      http_parser.rb (~> 0.6.0)
    http-form_data (1.0.1)
    http_parser.rb (0.6.0)
    httparty (0.13.6)
      json (~> 1.8)
      multi_xml (>= 0.5.2)
    httpclient (2.6.0.1)
    json (1.8.3)
    listen (2.7.9)
      celluloid (>= 0.15.2)
      rb-fsevent (>= 0.9.3)
      rb-inotify (>= 0.9)
    log4r (1.1.10)
    lumberjack (1.0.9)
    method_source (0.8.2)
    mime-types (1.19)
    multi_json (1.11.2)
    multi_xml (0.5.5)
    multipart-post (1.1.5)
    patron (0.5.0)
    pry (0.10.0)
      coderay (~> 1.1.0)
      method_source (~> 0.8.1)
      slop (~> 3.4)
    rack (1.3.3)
    rake (10.3.2)
    rb-fsevent (0.9.4)
    rb-inotify (0.9.5)
      ffi (>= 0.5.0)
    rspec (3.3.0)
      rspec-core (~> 3.3.0)
      rspec-expectations (~> 3.3.0)
      rspec-mocks (~> 3.3.0)
    rspec-core (3.3.2)
      rspec-support (~> 3.3.0)
    rspec-expectations (3.3.1)
      diff-lcs (>= 1.2.0, < 2.0)
      rspec-support (~> 3.3.0)
    rspec-mocks (3.3.2)
      diff-lcs (>= 1.2.0, < 2.0)
      rspec-support (~> 3.3.0)
    rspec-support (3.3.0)
    simplecov (0.7.1)
      multi_json (~> 1.0)
      simplecov-html (~> 0.7.1)
    simplecov-html (0.7.1)
    slop (3.6.0)
    thin (1.4.1)
      daemons (>= 1.0.9)
      eventmachine (>= 0.12.6)
      rack (>= 1.0.0)
    thor (0.19.1)
    timers (1.1.0)
    typhoeus (0.5.3)
      ethon (~> 0.5.3)

PLATFORMS
  ruby

DEPENDENCIES
  ethon
  excon (>= 0.18.0)
  faraday
  guard-rspec
  http
  httparty
  httpclient
  httplog!
  log4r
  patron
  rack
  rake
  rspec
  simplecov
  thin
  typhoeus

BUNDLED WITH
   1.10.6
